GEM
  remote: https://rubygems.org/
  specs:
    activesupport (4.2.3)
      i18n (~> 0.7)
      json (~> 1.7, >= 1.7.7)
      minitest (~> 5.1)
      thread_safe (~> 0.3, >= 0.3.4)
      tzinfo (~> 1.1)
    awesome_print (1.6.1)
    bindata (2.1.0)
    coderay (1.1.0)
    configatron (3.2.0)
    fancy-open-struct (0.4.0)
      awesome_print
    i18n (0.7.0)
    json (1.8.3)
    lifx (0.4.11)
      bindata (~> 2.0)
      configatron (~> 3.0)
      timers (~> 1.0)
    method_source (0.8.2)
    minitest (5.7.0)
    net-ssh (2.9.2)
    pry (0.10.1)
      coderay (~> 1.1.0)
      method_source (~> 0.8.1)
      slop (~> 3.4)
    slop (3.6.0)
    thread_safe (0.3.5)
    timers (1.1.0)
    tzinfo (1.2.2)
      thread_safe (~> 0.1)

PLATFORMS
  ruby

DEPENDENCIES
  activesupport
  fancy-open-struct (~> 0.4.0)
  lifx (~> 0.4.11)
  net-ssh (~> 2.9.2)
  pry

BUNDLED WITH
   1.10.5
