GEM
  remote: https://rubygems.org/
  specs:
    awesome_print (1.6.1)
    bindata (2.1.0)
    coderay (1.1.0)
    configatron (3.2.0)
    fancy-open-struct (0.4.0)
      awesome_print
    lifx (0.4.11)
      bindata (~> 2.0)
      configatron (~> 3.0)
      timers (~> 1.0)
    method_source (0.8.2)
    net-ssh (2.9.2)
    pry (0.10.1)
      coderay (~> 1.1.0)
      method_source (~> 0.8.1)
      slop (~> 3.4)
    slop (3.6.0)
    timers (1.1.0)

PLATFORMS
  ruby

DEPENDENCIES
  fancy-open-struct (~> 0.4.0)
  lifx (~> 0.4.11)
  net-ssh (~> 2.9.2)
  pry

BUNDLED WITH
   1.10.5
